GEM
  remote: https://rubygems.org/
  specs:
    byebug (11.1.3)
    parslet (2.0.0)

PLATFORMS
  x86_64-linux

DEPENDENCIES
  byebug
  parslet

BUNDLED WITH
   2.4.19
