GEM
  remote: https://rubygems.org/
  specs:
    awesome_print (1.9.2)
    byebug (11.1.3)
    diff-lcs (1.5.1)
    dotenv (3.1.1)
    parslet (2.0.0)
    rspec (3.13.0)
      rspec-core (~> 3.13.0)
      rspec-expectations (~> 3.13.0)
      rspec-mocks (~> 3.13.0)
    rspec-core (3.13.0)
      rspec-support (~> 3.13.0)
    rspec-expectations (3.13.0)
      diff-lcs (>= 1.2.0, < 2.0)
      rspec-support (~> 3.13.0)
    rspec-mocks (3.13.0)
      diff-lcs (>= 1.2.0, < 2.0)
      rspec-support (~> 3.13.0)
    rspec-support (3.13.1)

PLATFORMS
  x86_64-linux

DEPENDENCIES
  awesome_print
  byebug
  dotenv
  parslet
  rspec

BUNDLED WITH
   2.4.19
