GEM
  remote: https://rubygems.org/
  specs:
    awesome_print (1.9.2)
    byebug (11.1.3)
    dotenv (3.1.1)
    parslet (2.0.0)

PLATFORMS
  x86_64-linux

DEPENDENCIES
  awesome_print
  byebug
  dotenv
  parslet

BUNDLED WITH
   2.4.19
